PATH
  remote: .
  specs:
    broken_link_finder (0.11.0)
      thor (~> 0.20)
      thread (~> 0.2)
      wgit (~> 0.8)

GEM
  remote: https://rubygems.org/
  specs:
    addressable (2.6.0)
      public_suffix (>= 2.0.2, < 4.0)
    bson (4.7.1)
    byebug (11.0.1)
    coderay (1.1.2)
    crack (0.4.3)
      safe_yaml (~> 1.0.0)
    ethon (0.12.0)
      ffi (>= 1.3.0)
    ffi (1.12.1)
    hashdiff (1.0.0)
    maxitest (3.4.0)
      minitest (>= 5.0.0, < 5.13.0)
    method_source (0.9.2)
    mini_portile2 (2.4.0)
    minitest (5.12.2)
    mongo (2.11.3)
      bson (>= 4.4.2, < 5.0.0)
    nokogiri (1.10.7)
      mini_portile2 (~> 2.4.0)
    pry (0.12.2)
      coderay (~> 1.1.0)
      method_source (~> 0.9.0)
    public_suffix (3.1.0)
    rake (13.0.1)
    safe_yaml (1.0.5)
    thor (0.20.3)
    thread (0.2.2)
    typhoeus (1.3.1)
      ethon (>= 0.9.0)
    webmock (3.7.6)
      addressable (>= 2.3.6)
      crack (>= 0.3.2)
      hashdiff (>= 0.4.0, < 2.0.0)
    wgit (0.8.0)
      addressable (~> 2.6)
      mongo (~> 2.9)
      nokogiri (~> 1.10)
      typhoeus (~> 1.3)

PLATFORMS
  ruby

DEPENDENCIES
  broken_link_finder!
  bundler (~> 2.0)
  byebug (~> 11.0)
  maxitest (~> 3.3)
  pry (~> 0.12)
  rake (~> 13.0)
  webmock (~> 3.6)

RUBY VERSION
   ruby 2.5.3p105

BUNDLED WITH
   2.1.4
