PATH
  remote: .
  specs:
    broken_link_finder (0.12.0)
      thor (~> 0.20)
      thread (~> 0.2)
      wgit (~> 0.10)

GEM
  remote: https://rubygems.org/
  specs:
    addressable (2.7.0)
      public_suffix (>= 2.0.2, < 5.0)
    bson (4.12.0)
    byebug (11.1.3)
    cliver (0.3.2)
    coderay (1.1.3)
    concurrent-ruby (1.1.8)
    crack (0.4.5)
      rexml
    ethon (0.12.0)
      ffi (>= 1.3.0)
    ferrum (0.11)
      addressable (~> 2.5)
      cliver (~> 0.3)
      concurrent-ruby (~> 1.1)
      websocket-driver (>= 0.6, < 0.8)
    ffi (1.15.0)
    hashdiff (1.0.1)
    maxitest (3.6.0)
      minitest (>= 5.0.0, < 5.14.0)
    method_source (1.0.0)
    mini_portile2 (2.6.1)
    minitest (5.13.0)
    mongo (2.14.0)
      bson (>= 4.8.2, < 5.0.0)
    nokogiri (1.12.5)
      mini_portile2 (~> 2.6.1)
      racc (~> 1.4)
    pry (0.14.0)
      coderay (~> 1.1)
      method_source (~> 1.0)
    public_suffix (4.0.6)
    racc (1.5.2)
    rake (13.0.3)
    rexml (3.2.4)
    thor (0.20.3)
    thread (0.2.2)
    typhoeus (1.4.0)
      ethon (>= 0.9.0)
    webmock (3.12.2)
      addressable (>= 2.3.6)
      crack (>= 0.3.2)
      hashdiff (>= 0.4.0, < 2.0.0)
    websocket-driver (0.7.3)
      websocket-extensions (>= 0.1.0)
    websocket-extensions (0.1.5)
    wgit (0.10.0)
      addressable (~> 2.6)
      ferrum (~> 0.8)
      mongo (~> 2.9)
      nokogiri (~> 1.10)
      typhoeus (~> 1.3)

PLATFORMS
  ruby

DEPENDENCIES
  broken_link_finder!
  bundler (~> 2.0)
  byebug (~> 11.0)
  maxitest (~> 3.3)
  pry (~> 0.12)
  rake (~> 13.0)
  webmock (~> 3.6)

RUBY VERSION
   ruby 2.7.0p0

BUNDLED WITH
   2.1.4
