PATH
  remote: .
  specs:
    broken_link_finder (0.12.1)
      thor (~> 1.3)
      thread (~> 0.2)
      wgit (~> 0.11)

GEM
  remote: https://rubygems.org/
  specs:
    addressable (2.8.6)
      public_suffix (>= 2.0.2, < 6.0)
    bson (4.15.0)
    byebug (11.1.3)
    coderay (1.1.3)
    concurrent-ruby (1.2.2)
    crack (0.4.5)
      rexml
    ethon (0.16.0)
      ffi (>= 1.15.0)
    ferrum (0.14)
      addressable (~> 2.5)
      concurrent-ruby (~> 1.1)
      webrick (~> 1.7)
      websocket-driver (>= 0.6, < 0.8)
    ffi (1.16.3)
    hashdiff (1.1.0)
    maxitest (3.7.0)
      minitest (>= 5.0.0, < 5.15.0)
    method_source (1.0.0)
    mini_portile2 (2.8.5)
    minitest (5.14.4)
    mongo (2.19.3)
      bson (>= 4.14.1, < 5.0.0)
    nokogiri (1.16.0)
      mini_portile2 (~> 2.8.2)
      racc (~> 1.4)
    pry (0.14.2)
      coderay (~> 1.1)
      method_source (~> 1.0)
    public_suffix (5.0.4)
    racc (1.7.3)
    rake (13.1.0)
    rexml (3.2.6)
    thor (1.3.0)
    thread (0.2.2)
    typhoeus (1.4.1)
      ethon (>= 0.9.0)
    webmock (3.19.1)
      addressable (>= 2.8.0)
      crack (>= 0.3.2)
      hashdiff (>= 0.4.0, < 2.0.0)
    webrick (1.8.1)
    websocket-driver (0.7.6)
      websocket-extensions (>= 0.1.0)
    websocket-extensions (0.1.5)
    wgit (0.11.0)
      addressable (~> 2.8)
      ferrum (~> 0.14)
      mongo (~> 2.19)
      nokogiri (~> 1.15)
      typhoeus (~> 1.4)

PLATFORMS
  ruby

DEPENDENCIES
  broken_link_finder!
  bundler (~> 2.0)
  byebug (~> 11.0)
  maxitest (~> 3.3)
  pry (~> 0.12)
  rake (~> 13.0)
  webmock (~> 3.6)

RUBY VERSION
   ruby 3.3.0p0

BUNDLED WITH
   2.5.3
